GEM
  remote: https://rubygems.org/
  specs:
    diff-lcs (1.4.4)
    minitest (5.14.2)
    power_assert (1.2.0)
    rspec (3.10.0)
      rspec-core (~> 3.10.0)
      rspec-expectations (~> 3.10.0)
      rspec-mocks (~> 3.10.0)
    rspec-core (3.10.0)
      rspec-support (~> 3.10.0)
    rspec-expectations (3.10.0)
      diff-lcs (>= 1.2.0, < 2.0)
      rspec-support (~> 3.10.0)
    rspec-mocks (3.10.0)
      diff-lcs (>= 1.2.0, < 2.0)
      rspec-support (~> 3.10.0)
    rspec-support (3.10.0)
    test-unit (3.3.7)
      power_assert

PLATFORMS
  universal-darwin-19
  x64-mingw32

DEPENDENCIES
  bundler
  minitest
  rspec
  rspec-core
  rspec-expectations
  test-unit

BUNDLED WITH
   2.2.6
