GEM
  remote: https://rubygems.org/
  specs:
    activesupport (6.1.3.1)
      concurrent-ruby (~> 1.0, >= 1.0.2)
      i18n (>= 1.6, < 2)
      minitest (>= 5.1)
      tzinfo (~> 2.0)
      zeitwerk (~> 2.3)
    builder (3.2.4)
    concurrent-ruby (1.1.8)
    cucumber (4.1.0)
      builder (~> 3.2, >= 3.2.3)
      cucumber-core (~> 7.1, >= 7.1.0)
      cucumber-create-meta (~> 1.0.0, >= 1.0.0)
      cucumber-cucumber-expressions (~> 10.1, >= 10.1.0)
      cucumber-gherkin (~> 14.0, >= 14.0.1)
      cucumber-html-formatter (~> 7.0, >= 7.0.0)
      cucumber-messages (~> 12.2, >= 12.2.0)
      cucumber-wire (~> 3.1, >= 3.1.0)
      diff-lcs (~> 1.3, >= 1.3, < 1.4)
      multi_test (~> 0.1, >= 0.1.2)
      sys-uname (~> 1.0, >= 1.0.2)
    cucumber-core (7.1.0)
      cucumber-gherkin (~> 14.0, >= 14.0.1)
      cucumber-messages (~> 12.2, >= 12.2.0)
      cucumber-tag-expressions (~> 2.0, >= 2.0.4)
    cucumber-create-meta (1.0.0)
      cucumber-messages (~> 12.2, >= 12.2.0)
      sys-uname (~> 1.2, >= 1.2.1)
    cucumber-cucumber-expressions (10.2.1)
    cucumber-gherkin (14.0.1)
      cucumber-messages (~> 12.2, >= 12.2.0)
    cucumber-html-formatter (7.0.0)
      cucumber-messages (~> 12.2, >= 12.2.0)
    cucumber-messages (12.2.0)
      protobuf-cucumber (~> 3.10, >= 3.10.8)
    cucumber-tag-expressions (2.0.4)
    cucumber-wire (3.1.0)
      cucumber-core (~> 7.1, >= 7.1.0)
      cucumber-cucumber-expressions (~> 10.1, >= 10.1.0)
      cucumber-messages (~> 12.2, >= 12.2.0)
    database_cleaner (1.8.5)
    diff-lcs (1.3)
    ffi (1.13.1)
    ffi (1.13.1-x64-mingw32)
    i18n (1.8.10)
      concurrent-ruby (~> 1.0)
    middleware (0.1.0)
    minitest (5.14.4)
    multi_test (0.1.2)
    oj (~>3.9)
    power_assert (1.2.0)
    protobuf-cucumber (3.10.8)
      activesupport (>= 3.2)
      middleware
      thor
      thread_safe
    rake (13.0.1)
    rspec (3.9.0)
      rspec-core (~> 3.9.0)
      rspec-expectations (~> 3.9.0)
      rspec-mocks (~> 3.9.0)
    rspec-core (3.9.2)
      rspec-support (~> 3.9.3)
    rspec-expectations (3.9.2)
      diff-lcs (>= 1.2.0, < 2.0)
      rspec-support (~> 3.9.0)
    rspec-mocks (3.9.1)
      diff-lcs (>= 1.2.0, < 2.0)
      rspec-support (~> 3.9.0)
    rspec-support (3.9.3)
    sys-uname (1.2.1)
      ffi (>= 1.0.0)
    test-unit (3.3.7)
      power_assert
    thor (1.1.0)
    thread_safe (0.3.6)
    tzinfo (2.0.4)
      concurrent-ruby (~> 1.0)
    zeitwerk (2.4.2)

PLATFORMS
  ruby
  x64-mingw32

DEPENDENCIES
  cucumber
  database_cleaner
  minitest
  rake
  rspec
  test-unit
  oj
  allure-ruby-commons
  allure-rspec

BUNDLED WITH
   1.17.2
